GEM
  remote: https://rubygems.org/
  specs:
    addressable (2.3.8)
    ast (2.2.0)
    berkshelf (4.0.1)
      addressable (~> 2.3.4)
      berkshelf-api-client (~> 2.0)
      buff-config (~> 1.0)
      buff-extensions (~> 1.0)
      buff-shell_out (~> 0.1)
      celluloid (= 0.16.0)
      celluloid-io (~> 0.16.1)
      cleanroom (~> 1.0)
      faraday (~> 0.9.0)
      httpclient (~> 2.6.0)
      minitar (~> 0.5.4)
      octokit (~> 3.0)
      retryable (~> 2.0)
      ridley (~> 4.3)
      solve (~> 1.1)
      thor (~> 0.19)
    berkshelf-api-client (2.0.0)
      faraday (~> 0.9.1)
      httpclient (~> 2.6.0)
    buff-config (1.0.1)
      buff-extensions (~> 1.0)
      varia_model (~> 0.4)
    buff-extensions (1.0.0)
    buff-ignore (1.1.1)
    buff-ruby_engine (0.1.0)
    buff-shell_out (0.2.0)
      buff-ruby_engine (~> 0.1.0)
    builder (3.2.2)
    celluloid (0.16.0)
      timers (~> 4.0.0)
    celluloid-io (0.16.2)
      celluloid (>= 0.16.0)
      nio4r (>= 1.1.0)
    chefspec (0.0.1)
    ci_reporter (2.0.0)
      builder (>= 2.1.2)
    ci_reporter_spinach (1.0.0)
      ci_reporter (~> 2.0)
      spinach (~> 0.8.7)
    cleanroom (1.0.0)
    colorize (0.7.7)
    dep-selector-libgecode (1.0.2)
    dep_selector (1.0.3)
      dep-selector-libgecode (~> 1.0)
      ffi (~> 1.9)
    diff-lcs (1.2.5)
    docker-api (1.24.1)
      excon (>= 0.38.0)
      json
    erubis (2.7.0)
    excon (0.45.4)
    faraday (0.9.2)
      multipart-post (>= 1.2, < 3)
    ffi (1.9.10)
    gherkin-ruby (0.3.2)
    hashie (3.4.3)
    hitimes (1.2.3)
    httpclient (2.6.0.1)
    json (1.8.3)
    minitar (0.5.4)
    mixlib-authentication (1.4.0)
      mixlib-log
      rspec-core (~> 3.2)
      rspec-expectations (~> 3.2)
      rspec-mocks (~> 3.2)
    mixlib-log (1.6.0)
    multipart-post (2.0.0)
    net-ssh (2.9.2)
    netrc (0.11.0)
    nio4r (1.2.0)
    octokit (3.8.0)
      sawyer (~> 0.6.0, >= 0.5.3)
    parser (2.3.0.1)
      ast (~> 2.2)
    powerpack (0.1.1)
    rainbow (2.0.0)
    retryable (2.0.3)
    ridley (4.3.0)
      addressable
      buff-config (~> 1.0)
      buff-extensions (~> 1.0)
      buff-ignore (~> 1.1)
      buff-shell_out (~> 0.1)
      celluloid (~> 0.16.0)
      celluloid-io (~> 0.16.1)
      erubis
      faraday (~> 0.9.0)
      hashie (>= 2.0.2, < 4.0.0)
      httpclient (~> 2.6)
      json (>= 1.7.7)
      mixlib-authentication (>= 1.3.0)
      retryable (~> 2.0)
      semverse (~> 1.1)
      varia_model (~> 0.4)
    rspec-core (3.4.1)
      rspec-support (~> 3.4.0)
    rspec-expectations (3.4.0)
      diff-lcs (>= 1.2.0, < 2.0)
      rspec-support (~> 3.4.0)
    rspec-mocks (3.4.1)
      diff-lcs (>= 1.2.0, < 2.0)
      rspec-support (~> 3.4.0)
    rspec-support (3.4.1)
    rspec_junit_formatter (0.2.3)
      builder (< 4)
      rspec-core (>= 2, < 4, != 2.12.0)
    rubocop (0.36.0)
      parser (>= 2.3.0.0, < 3.0)
      powerpack (~> 0.1)
      rainbow (>= 1.99.1, < 3.0)
      ruby-progressbar (~> 1.7)
    rubocop-checkstyle_formatter (0.2.0)
      rubocop (>= 0.20.1)
    ruby-progressbar (1.7.5)
    sawyer (0.6.0)
      addressable (~> 2.3.5)
      faraday (~> 0.8, < 0.10)
    semverse (1.2.1)
    solve (1.2.1)
      dep_selector (~> 1.0)
      semverse (~> 1.1)
    spinach (0.8.10)
      colorize
      gherkin-ruby (>= 0.3.2)
      json
    thor (0.19.1)
    timers (4.0.4)
      hitimes
    varia_model (0.5.0)
      buff-extensions (~> 1.0)
      hashie (>= 2.0.2, < 4.0.0)

PLATFORMS
  ruby

DEPENDENCIES
  berkshelf
  chefspec
  ci_reporter_spinach
  docker-api
  net-ssh (~> 2.9)
  netrc
  rspec-core
  rspec-expectations
  rspec_junit_formatter
  rubocop-checkstyle_formatter
  spinach
